PATH
  remote: .
  specs:
    miniscans (0.0.1)
      ruby-nmap

GEM
  remote: https://rubygems.org/
  specs:
    diff-lcs (1.2.5)
    mini_portile (0.6.0)
    nokogiri (1.6.3.1)
      mini_portile (= 0.6.0)
    rake (10.3.2)
    rprogram (0.3.2)
    rspec (3.1.0)
      rspec-core (~> 3.1.0)
      rspec-expectations (~> 3.1.0)
      rspec-mocks (~> 3.1.0)
    rspec-core (3.1.6)
      rspec-support (~> 3.1.0)
    rspec-expectations (3.1.2)
      diff-lcs (>= 1.2.0, < 2.0)
      rspec-support (~> 3.1.0)
    rspec-mocks (3.1.3)
      rspec-support (~> 3.1.0)
    rspec-support (3.1.2)
    ruby-nmap (0.7.0)
      nokogiri (~> 1.3)
      rprogram (~> 0.3)

PLATFORMS
  ruby

DEPENDENCIES
  bundler (~> 1.7)
  miniscans!
  rake (~> 10.0)
  rspec (~> 3.1)
